GEM
  remote: http://rubygems.org/
  specs:
    albacore (3.0.1)
      map (~> 6.5)
      nokogiri (~> 1.5)
      rake (~> 10)
      semver2 (~> 3.4)
    gemcutter (0.6.1)
    git (1.2.5)
    jeweler (1.4.0)
      gemcutter (>= 0.1.0)
      git (>= 1.2.5)
      rubyforge (>= 2.0.0)
    json_pure (1.4.6)
    map (6.6.0)
    mini_portile2 (2.3.0)
    nokogiri (1.8.2)
      mini_portile2 (~> 2.3.0)
    nokogiri (1.8.2-x86-mingw32)
      mini_portile2 (~> 2.3.0)
    rake (10.5.0)
    rubyforge (2.0.4)
      json_pure (>= 1.1.7)
    semver2 (3.4.2)

PLATFORMS
  ruby
  x86-mingw32

DEPENDENCIES
  albacore (>= 0.2.2)
  jeweler

BUNDLED WITH
   1.16.1
